GIT
  remote: https://github.com/excpt/moments.git
  revision: 04d2f5e87c9ed4ae4c25111cb226b7e5cde3ed30
  specs:
    moments (0.1.0.alpha)

GEM
  remote: https://rubygems.org/
  specs:
    ast (2.4.1)
    kramdown (2.3.0)
      rexml
    parallel (1.19.2)
    parser (2.7.1.4)
      ast (~> 2.4.1)
    rainbow (3.0.0)
    regexp_parser (1.7.1)
    rexml (3.2.4)
    rubocop (0.89.0)
      parallel (~> 1.10)
      parser (>= 2.7.1.1)
      rainbow (>= 2.2.2, < 4.0)
      regexp_parser (>= 1.7)
      rexml
      rubocop-ast (>= 0.1.0, < 1.0)
      ruby-progressbar (~> 1.7)
      unicode-display_width (>= 1.4.0, < 2.0)
    rubocop-ast (0.3.0)
      parser (>= 2.7.1.4)
    rubocop-performance (1.7.1)
      rubocop (>= 0.82.0)
    ruby-progressbar (1.10.1)
    unicode-display_width (1.7.0)

PLATFORMS
  ruby

DEPENDENCIES
  kramdown
  moments!
  rubocop
  rubocop-performance

BUNDLED WITH
   2.1.4
