GEM
  remote: https://rubygems.org/
  specs:
    addressable (2.8.4)
      public_suffix (>= 2.0.2, < 6.0)
    alt_memery (2.1.0)
      module_methods (~> 0.1.0)
      ruby2_keywords (~> 0.0.2)
    ast (2.4.2)
    bundler-audit (0.9.1)
      bundler (>= 1.2.0, < 3)
      thor (~> 1.0)
    byebug (11.1.3)
    clamp (1.3.2)
    coderay (1.1.3)
    concurrent-ruby (1.2.2)
    config_toys (0.7.0)
      example_file (~> 0.4.0)
      toys-core (~> 0.14.2)
    diffy (3.4.2)
    example_file (0.4.0)
      diffy (~> 3.0)
      highline (~> 2.0)
      paint (~> 2.0)
    ferrum (0.13)
      addressable (~> 2.5)
      concurrent-ruby (~> 1.1)
      webrick (~> 1.7)
      websocket-driver (>= 0.6, < 0.8)
    filewatcher (2.1.0)
      module_methods (~> 0.1.0)
    filewatcher-matrix (1.0.0)
      filewatcher (~> 2.0)
    gorilla_patch (5.0.1)
    highline (2.1.0)
    icomoon_toys (0.5.0)
      alt_memery (~> 2.0)
      rubyzip (~> 2.0)
      toys-core (~> 0.14.2)
    json (2.6.3)
    kramdown (2.4.0)
      rexml
    method_source (1.0.0)
    module_methods (0.1.0)
    moments (0.2.0)
    paint (2.3.0)
    parallel (1.22.1)
    parser (3.2.2.0)
      ast (~> 2.4.1)
    pry (0.14.2)
      coderay (~> 1.1)
      method_source (~> 1.0)
    pry-byebug (3.10.1)
      byebug (~> 11.0)
      pry (>= 0.13, < 0.15)
    public_suffix (5.0.1)
    rainbow (3.1.1)
    regexp_parser (2.7.0)
    rexml (3.2.5)
    rubocop (1.47.0)
      json (~> 2.3)
      parallel (~> 1.10)
      parser (>= 3.2.0.0)
      rainbow (>= 2.2.2, < 4.0)
      regexp_parser (>= 1.8, < 3.0)
      rexml (>= 3.2.5, < 4.0)
      rubocop-ast (>= 1.26.0, < 2.0)
      ruby-progressbar (~> 1.7)
      unicode-display_width (>= 2.4.0, < 3.0)
    rubocop-ast (1.28.0)
      parser (>= 3.2.1.0)
    rubocop-performance (1.17.1)
      rubocop (>= 1.7.0, < 2.0)
      rubocop-ast (>= 0.4.0)
    ruby-progressbar (1.13.0)
    ruby2_keywords (0.0.5)
    rubyzip (2.3.2)
    thor (1.2.1)
    toys (0.14.5)
      toys-core (= 0.14.5)
    toys-core (0.14.5)
    unicode-display_width (2.4.2)
    webrick (1.8.1)
    websocket-driver (0.7.5)
      websocket-extensions (>= 0.1.0)
    websocket-extensions (0.1.5)

PLATFORMS
  ruby

DEPENDENCIES
  bundler-audit
  clamp
  config_toys
  ferrum
  filewatcher-matrix
  gorilla_patch
  icomoon_toys
  kramdown
  moments
  pry-byebug
  rubocop (~> 1.47.0)
  rubocop-performance
  toys

BUNDLED WITH
   2.3.19
