GEM
  remote: https://rubygems.org/
  specs:
    addressable (2.7.0)
      public_suffix (>= 2.0.2, < 5.0)
    alt_memery (2.1.0)
      module_methods (~> 0.1.0)
      ruby2_keywords (~> 0.0.2)
    ast (2.4.2)
    byebug (11.1.3)
    clamp (1.3.2)
    cliver (0.3.2)
    coderay (1.1.3)
    concurrent-ruby (1.1.8)
    config_toys (0.3.0)
      example_file (~> 0.2.0)
      toys-core (~> 0.11.0)
    diffy (3.4.0)
    example_file (0.2.0)
      diffy (~> 3.0)
      highline (~> 2.0)
      paint (~> 2.0)
    ferrum (0.10.2)
      addressable (~> 2.5)
      cliver (~> 0.3)
      concurrent-ruby (~> 1.1)
      websocket-driver (>= 0.6, < 0.8)
    filewatcher (2.0.0.beta3)
    filewatcher-matrix (0.2.0)
      filewatcher (>= 2.0.0.beta3, < 3)
    gorilla_patch (4.0.0)
    highline (2.0.3)
    icomoon_toys (0.2.0)
      alt_memery (~> 2.0)
      rubyzip (~> 2.0)
      toys-core (~> 0.11.0)
    kramdown (2.3.1)
      rexml
    method_source (1.0.0)
    module_methods (0.1.0)
    moments (0.1.0)
    paint (2.2.1)
    parallel (1.20.1)
    parser (3.0.0.0)
      ast (~> 2.4.1)
    pry (0.13.1)
      coderay (~> 1.1)
      method_source (~> 1.0)
    pry-byebug (3.9.0)
      byebug (~> 11.0)
      pry (~> 0.13.0)
    public_suffix (4.0.6)
    rainbow (3.0.0)
    regexp_parser (2.1.1)
    rexml (3.2.4)
    rubocop (1.11.0)
      parallel (~> 1.10)
      parser (>= 3.0.0.0)
      rainbow (>= 2.2.2, < 4.0)
      regexp_parser (>= 1.8, < 3.0)
      rexml
      rubocop-ast (>= 1.2.0, < 2.0)
      ruby-progressbar (~> 1.7)
      unicode-display_width (>= 1.4.0, < 3.0)
    rubocop-ast (1.4.1)
      parser (>= 2.7.1.5)
    rubocop-performance (1.10.1)
      rubocop (>= 0.90.0, < 2.0)
      rubocop-ast (>= 0.4.0)
    ruby-progressbar (1.11.0)
    ruby2_keywords (0.0.4)
    rubyzip (2.3.0)
    toys (0.11.4)
      toys-core (= 0.11.4)
    toys-core (0.11.4)
    unicode-display_width (2.0.0)
    websocket-driver (0.7.3)
      websocket-extensions (>= 0.1.0)
    websocket-extensions (0.1.5)

PLATFORMS
  ruby

DEPENDENCIES
  clamp
  config_toys
  ferrum
  filewatcher-matrix
  gorilla_patch
  icomoon_toys
  kramdown
  moments
  pry-byebug
  rubocop
  rubocop-performance
  toys

BUNDLED WITH
   2.1.4
