GIT
  remote: https://github.com/excpt/moments.git
  revision: 04d2f5e87c9ed4ae4c25111cb226b7e5cde3ed30
  specs:
    moments (0.1.0.alpha)

GEM
  remote: https://rubygems.org/
  specs:
    addressable (2.7.0)
      public_suffix (>= 2.0.2, < 5.0)
    alt_memery (2.0.0)
      module_methods (~> 0.1.0)
      ruby2_keywords (~> 0.0.2)
    ast (2.4.1)
    clamp (1.3.1)
    cliver (0.3.2)
    concurrent-ruby (1.1.7)
    config_toys (0.2.0)
      example_file (~> 0.1.0)
      toys-core (~> 0.11.0)
    diffy (3.4.0)
    example_file (0.1.0)
      diffy (~> 3.0)
      highline (~> 2.0)
      paint (~> 2.0)
    ferrum (0.9)
      addressable (~> 2.5)
      cliver (~> 0.3)
      concurrent-ruby (~> 1.1)
      websocket-driver (>= 0.6, < 0.8)
    gorilla_patch (2.9.1)
    highline (2.0.3)
    icomoon_toys (0.2.0)
      alt_memery (~> 2.0)
      rubyzip (~> 2.0)
      toys-core (~> 0.11.0)
    kramdown (2.3.0)
      rexml
    module_methods (0.1.0)
    paint (2.2.0)
    parallel (1.19.2)
    parser (2.7.1.4)
      ast (~> 2.4.1)
    public_suffix (4.0.5)
    rainbow (3.0.0)
    regexp_parser (1.7.1)
    rexml (3.2.4)
    rubocop (0.91.0)
      parallel (~> 1.10)
      parser (>= 2.7.1.1)
      rainbow (>= 2.2.2, < 4.0)
      regexp_parser (>= 1.7)
      rexml
      rubocop-ast (>= 0.4.0, < 1.0)
      ruby-progressbar (~> 1.7)
      unicode-display_width (>= 1.4.0, < 2.0)
    rubocop-ast (0.4.0)
      parser (>= 2.7.1.4)
    rubocop-performance (1.8.0)
      rubocop (>= 0.87.0)
    ruby-progressbar (1.10.1)
    ruby2_keywords (0.0.2)
    rubyzip (2.3.0)
    toys (0.11.2)
      toys-core (= 0.11.2)
    toys-core (0.11.2)
    unicode-display_width (1.7.0)
    websocket-driver (0.7.3)
      websocket-extensions (>= 0.1.0)
    websocket-extensions (0.1.5)

PLATFORMS
  ruby

DEPENDENCIES
  clamp
  config_toys
  ferrum
  gorilla_patch
  icomoon_toys
  kramdown
  moments!
  rubocop
  rubocop-performance
  toys

BUNDLED WITH
   2.1.4
